GEM
  remote: https://rubygems.org/
  specs:
    activesupport (4.2.10)
      i18n (~> 0.7)
      minitest (~> 5.1)
      thread_safe (~> 0.3, >= 0.3.4)
      tzinfo (~> 1.1)
    algernon (0.1.1)
      activesupport (~> 4.2.6)
      erubis (~> 2.7.0)
      rack (~> 1.6.4)
      sqlite3 (~> 1.3.11)
      tilt (~> 2.0.2)
    coderay (1.1.1)
    concurrent-ruby (1.0.5)
    daemons (1.2.3)
    erubis (2.7.0)
    eventmachine (1.0.9.1)
    i18n (0.9.5)
      concurrent-ruby (~> 1.0)
    method_source (0.8.2)
    minitest (5.11.3)
    pry (0.10.3)
      coderay (~> 1.1.0)
      method_source (~> 0.8.1)
      slop (~> 3.4)
    pry-nav (0.2.4)
      pry (>= 0.9.10, < 0.11.0)
    rack (1.6.4)
    slop (3.6.0)
    sqlite3 (1.3.13)
    thin (1.6.4)
      daemons (~> 1.0, >= 1.0.9)
      eventmachine (~> 1.0, >= 1.0.4)
      rack (~> 1.0)
    thread_safe (0.3.6)
    tilt (2.0.8)
    tzinfo (1.2.5)
      thread_safe (~> 0.1)

PLATFORMS
  ruby

DEPENDENCIES
  algernon
  pry
  pry-nav
  thin

BUNDLED WITH
   1.16.1
