PATH
  remote: ../algernon
  specs:
    algernon (0.1.0)
      erubis
      pry
      pry-nav
      rack (~> 1.6.4)

GEM
  remote: https://rubygems.org/
  specs:
    coderay (1.1.1)
    daemons (1.2.3)
    erubis (2.7.0)
    eventmachine (1.0.9.1)
    method_source (0.8.2)
    pry (0.10.3)
      coderay (~> 1.1.0)
      method_source (~> 0.8.1)
      slop (~> 3.4)
    pry-nav (0.2.4)
      pry (>= 0.9.10, < 0.11.0)
    rack (1.6.4)
    slop (3.6.0)
    thin (1.6.4)
      daemons (~> 1.0, >= 1.0.9)
      eventmachine (~> 1.0, >= 1.0.4)
      rack (~> 1.0)

PLATFORMS
  ruby

DEPENDENCIES
  algernon!
  pry
  thin

BUNDLED WITH
   1.11.2
